GIT
  remote: git://github.com/Yanzay/numbers_and_words.git
  revision: 8664645706f239f1c7f9a9edc21faf22daf6171e
  specs:
    numbers_and_words (0.10.3)
      activesupport
      i18n

GEM
  remote: https://rubygems.org/
  specs:
    activesupport (4.1.7)
      i18n (~> 0.6, >= 0.6.9)
      json (~> 1.7, >= 1.7.7)
      minitest (~> 5.1)
      thread_safe (~> 0.1)
      tzinfo (~> 1.1)
    i18n (0.6.11)
    json (1.8.1)
    minitest (5.4.3)
    thread_safe (0.3.4)
    tzinfo (1.2.2)
      thread_safe (~> 0.1)

PLATFORMS
  ruby

DEPENDENCIES
  numbers_and_words!
