GEM
  remote: http://rubygems.org/
  specs:
    chronic (0.10.2)
    rake (10.1.0)
    sqlite3 (1.3.9)
    whenever (0.9.4)
      chronic (>= 0.6.3)

PLATFORMS
  ruby

DEPENDENCIES
  rake
  sqlite3
  whenever
